GEM
  remote: http://rubygems.org/
  specs:
    activesupport (3.0.7)
    rake (0.9.0)

PLATFORMS
  ruby

DEPENDENCIES
  activesupport
  rake
